PATH
  remote: .
  specs:
    llm_team (0.1.0)
      colorize (~> 1.1)
      ruby-openai (~> 7.0)
      symbolic (~> 0.3)

GEM
  remote: https://rubygems.org/
  specs:
    colorize (1.1.0)
    date (3.4.1)
    diff-lcs (1.6.2)
    erb (5.0.2)
    event_stream_parser (1.0.0)
    faraday (2.13.4)
      faraday-net_http (>= 2.0, < 3.5)
      json
      logger
    faraday-multipart (1.1.1)
      multipart-post (~> 2.0)
    faraday-net_http (3.4.1)
      net-http (>= 0.5.0)
    io-console (0.8.1)
    irb (1.15.2)
      pp (>= 0.6.0)
      rdoc (>= 4.0.0)
      reline (>= 0.4.2)
    json (2.14.1)
    logger (1.7.0)
    multipart-post (2.4.1)
    net-http (0.6.0)
      uri
    pp (0.6.2)
      prettyprint
    prettyprint (0.2.0)
    psych (5.2.6)
      date
      stringio
    rake (13.3.0)
    rdoc (6.14.2)
      erb
      psych (>= 4.0.0)
    reline (0.6.2)
      io-console (~> 0.5)
    rspec (3.13.1)
      rspec-core (~> 3.13.0)
      rspec-expectations (~> 3.13.0)
      rspec-mocks (~> 3.13.0)
    rspec-core (3.13.5)
      rspec-support (~> 3.13.0)
    rspec-expectations (3.13.5)
      diff-lcs (>= 1.2.0, < 2.0)
      rspec-support (~> 3.13.0)
    rspec-mocks (3.13.5)
      diff-lcs (>= 1.2.0, < 2.0)
      rspec-support (~> 3.13.0)
    rspec-support (3.13.6)
    ruby-openai (7.4.0)
      event_stream_parser (>= 0.3.0, < 2.0.0)
      faraday (>= 1)
      faraday-multipart (>= 1)
    stringio (3.1.7)
    symbolic (0.3.8)
    uri (1.0.3)

PLATFORMS
  arm64-darwin-23
  ruby

DEPENDENCIES
  irb
  llm_team!
  rake (~> 13.0)
  rspec (~> 3.12)
  symbolic (~> 0.3)

BUNDLED WITH
   2.6.9
