GIT
  remote: file:///Users/patrick/Code/llm_team
  revision: 767d4f4e20b6d4fa63371a3632a4d37b854c7587
  specs:
    llm_team (0.1.0)
      colorize (~> 1.1)
      ruby-openai (~> 7.0)
      symbolic (~> 0.3)

GEM
  remote: https://rubygems.org/
  specs:
    colorize (1.1.0)
    event_stream_parser (1.0.0)
    faraday (2.14.0)
      faraday-net_http (>= 2.0, < 3.5)
      json
      logger
    faraday-multipart (1.1.1)
      multipart-post (~> 2.0)
    faraday-net_http (3.4.1)
      net-http (>= 0.5.0)
    json (2.15.0)
    logger (1.7.0)
    multipart-post (2.4.1)
    net-http (0.6.0)
      uri
    ruby-openai (7.4.0)
      event_stream_parser (>= 0.3.0, < 2.0.0)
      faraday (>= 1)
      faraday-multipart (>= 1)
    symbolic (0.3.8)
    uri (1.0.3)

PLATFORMS
  arm64-darwin-23
  ruby

DEPENDENCIES
  llm_team!

BUNDLED WITH
   2.6.9
